PATH
  remote: .
  specs:
    checkup (0.0.1)
      httparty
      thor (~> 0.14.6)

GEM
  remote: http://rubygems.org/
  specs:
    httparty (0.9.0)
      multi_json (~> 1.0)
      multi_xml
    multi_json (1.3.6)
    multi_xml (0.5.1)
    thor (0.14.6)

PLATFORMS
  ruby

DEPENDENCIES
  checkup!
