PATH
  remote: .
  specs:
    checkup (0.0.4)
      thor (~> 0.14.6)

GEM
  remote: http://rubygems.org/
  specs:
    thor (0.14.6)

PLATFORMS
  ruby

DEPENDENCIES
  checkup!
